GEM
  remote: https://rubygems.org/
  specs:
    algorithms (1.0.1)

PLATFORMS
  arm64-darwin-21
  arm64-darwin-23

DEPENDENCIES
  algorithms

BUNDLED WITH
   2.3.7
