GEM
  remote: https://rubygems.org/
  specs:
    algorithms (1.0.0)

PLATFORMS
  arm64-darwin-21

DEPENDENCIES
  algorithms

BUNDLED WITH
   2.3.7
